PATH
  remote: .
  specs:
    aws-sdk-dynamodbstreams-event-parser (1.1.0)
      aws-sdk-dynamodb-attribute-deserializer (~> 1.1)

GEM
  remote: https://rubygems.org/
  specs:
    aws-sdk-dynamodb-attribute-deserializer (1.1.0)
    rake (13.0.3)

PLATFORMS
  x86_64-darwin-20

DEPENDENCIES
  aws-sdk-dynamodbstreams-event-parser!
  rake (~> 13.0)

BUNDLED WITH
   2.2.3
